GEM
  remote: http://rubygems.org/
  specs:
    coderay (1.0.6)
    haml (3.1.4)
    json (1.6.6)
    method_source (0.7.1)
    parallel (0.5.16)
    pry (0.9.9.4)
      coderay (~> 1.0.5)
      method_source (~> 0.7.1)
      slop (>= 2.4.4, < 3)
    rack (1.4.1)
    rack-protection (1.2.0)
      rack
    sinatra (1.3.2)
      rack (~> 1.3, >= 1.3.6)
      rack-protection (~> 1.2)
      tilt (~> 1.3, >= 1.3.3)
    slop (2.4.4)
    tilt (1.3.3)

PLATFORMS
  ruby

DEPENDENCIES
  haml
  json
  parallel
  pry
  sinatra
